GEM
  remote: https://rubygems.org/
  specs:
    ast (2.4.2)
    bugsnag (6.27.0)
      concurrent-ruby (~> 1.0)
    concurrent-ruby (1.3.3)
    ffi (1.17.0-x64-mingw-ucrt)
    liquid (5.5.0)
    listen (3.7.1)
      rb-fsevent (~> 0.10, >= 0.10.3)
      rb-inotify (~> 0.9, >= 0.9.10)
    nokogiri (1.16.5-x64-mingw-ucrt)
      racc (~> 1.4)
    parser (3.3.3.0)
      ast (~> 2.4.1)
      racc
    racc (1.8.0)
    rb-fsevent (0.11.2)
    rb-inotify (0.11.1)
      ffi (~> 1.0)
    shopify-cli (2.36.0)
      bugsnag (~> 6.22)
      listen (~> 3.7.0)
      theme-check (~> 1.14.0)
    theme-check (1.14.0)
      liquid (>= 5.4.0)
      nokogiri (>= 1.12)
      parser (~> 3)

PLATFORMS
  x64-mingw-ucrt

DEPENDENCIES
  shopify-cli (~> 2.0)

BUNDLED WITH
   2.5.11
